GEM
  remote: http://rubygems.org/
  specs:
    haml (3.1.4)
    jsmin (1.0.1)
    rack (1.3.5)
    rack-test (0.6.1)
      rack (>= 1.0)
    sass (3.1.11)
    sinatra (1.2.6)
      rack (~> 1.1)
      tilt (< 2.0, >= 1.2.2)
    sinatra-assetpack (0.0.10)
      jsmin
      rack-test
      sinatra
      tilt (>= 1.3.0)
    tilt (1.3.3)

PLATFORMS
  ruby

DEPENDENCIES
  haml
  jsmin
  sass
  sinatra (= 1.2.6)
  sinatra-assetpack
